GEM
  remote: https://rubygems.org/
  specs:
    coderay (1.1.3)
    colorize (0.8.1)
    highline (2.0.3)
    json (2.3.0)
    method_source (1.0.0)
    options (2.3.2)
    progress_bar (1.3.1)
      highline (>= 1.6, < 3)
      options (~> 2.3.0)
    pry (0.13.1)
      coderay (~> 1.1)
      method_source (~> 1.0)
    rake (12.3.3)

PLATFORMS
  ruby

DEPENDENCIES
  colorize
  json
  progress_bar
  pry
  rake (~> 12.0)

BUNDLED WITH
   2.1.4
